GEM
  remote: https://rubygems.org/
  specs:
    activemodel (6.0.3.3)
      activesupport (= 6.0.3.3)
    activerecord (6.0.3.3)
      activemodel (= 6.0.3.3)
      activesupport (= 6.0.3.3)
    activesupport (6.0.3.3)
      concurrent-ruby (~> 1.0, >= 1.0.2)
      i18n (>= 0.7, < 2)
      minitest (~> 5.1)
      tzinfo (~> 1.1)
      zeitwerk (~> 2.2, >= 2.2.2)
    coderay (1.1.3)
    concurrent-ruby (1.1.7)
    database_cleaner (1.6.2)
    diff-lcs (1.4.4)
    factory_bot (6.1.0)
      activesupport (>= 5.0.0)
    i18n (1.8.5)
      concurrent-ruby (~> 1.0)
    mail (2.7.1)
      mini_mime (>= 0.1.1)
    method_source (1.0.0)
    mime-types (3.3.1)
      mime-types-data (~> 3.2015)
    mime-types-data (3.2020.0512)
    mini_mime (1.0.2)
    minitest (5.14.2)
    moneta (1.1.1)
    mustermann (1.1.1)
      ruby2_keywords (~> 0.0.1)
    oj (3.10.3)
    padrino (0.15.0)
      padrino-admin (= 0.15.0)
      padrino-cache (= 0.15.0)
      padrino-core (= 0.15.0)
      padrino-gen (= 0.15.0)
      padrino-helpers (= 0.15.0)
      padrino-mailer (= 0.15.0)
      padrino-support (= 0.15.0)
    padrino-admin (0.15.0)
      padrino-core (= 0.15.0)
      padrino-helpers (= 0.15.0)
    padrino-cache (0.15.0)
      moneta (~> 1.1.0)
      padrino-core (= 0.15.0)
      padrino-helpers (= 0.15.0)
    padrino-core (0.15.0)
      padrino-support (= 0.15.0)
      sinatra (>= 2.0.0)
      thor (~> 0.18)
    padrino-gen (0.15.0)
      bundler (>= 1.0, < 3)
      padrino-core (= 0.15.0)
    padrino-helpers (0.15.0)
      i18n (>= 0.6.7, < 2)
      padrino-support (= 0.15.0)
      tilt (>= 1.4.1, < 3)
    padrino-mailer (0.15.0)
      mail (~> 2.5)
      mime-types (< 4)
      padrino-core (= 0.15.0)
    padrino-support (0.15.0)
    pg (0.21.0)
    pry (0.13.1)
      coderay (~> 1.1)
      method_source (~> 1.0)
    rabl (0.14.3)
      activesupport (>= 2.3.14)
    rack (2.2.3)
    rack-protection (2.1.0)
      rack
    rack-test (1.1.0)
      rack (>= 1.0, < 3)
    rake (13.0.1)
    rspec (3.9.0)
      rspec-core (~> 3.9.0)
      rspec-expectations (~> 3.9.0)
      rspec-mocks (~> 3.9.0)
    rspec-core (3.9.2)
      rspec-support (~> 3.9.3)
    rspec-expectations (3.9.2)
      diff-lcs (>= 1.2.0, < 2.0)
      rspec-support (~> 3.9.0)
    rspec-mocks (3.9.1)
      diff-lcs (>= 1.2.0, < 2.0)
      rspec-support (~> 3.9.0)
    rspec-support (3.9.3)
    ruby2_keywords (0.0.2)
    sinatra (2.1.0)
      mustermann (~> 1.0)
      rack (~> 2.2)
      rack-protection (= 2.1.0)
      tilt (~> 2.0)
    thor (0.20.3)
    thread_safe (0.3.6)
    tilt (2.0.10)
    tzinfo (1.2.7)
      thread_safe (~> 0.1)
    zeitwerk (2.4.0)

PLATFORMS
  ruby

DEPENDENCIES
  activerecord
  database_cleaner (~> 1.6.0)
  factory_bot
  oj
  padrino (= 0.15.0)
  pg
  pry
  rabl
  rack-test
  rake
  rspec

BUNDLED WITH
   2.1.4
